GEM
  remote: https://rubygems.org/
  specs:
    activemodel (5.2.4.5)
      activesupport (= 5.2.4.5)
    activerecord (5.2.4.5)
      activemodel (= 5.2.4.5)
      activesupport (= 5.2.4.5)
      arel (>= 9.0)
    activesupport (5.2.4.5)
      concurrent-ruby (~> 1.0, >= 1.0.2)
      i18n (>= 0.7, < 2)
      minitest (~> 5.1)
      tzinfo (~> 1.1)
    arel (9.0.0)
    coderay (1.1.3)
    concurrent-ruby (1.1.8)
    diff-lcs (1.3)
    equatable (0.5.0)
    faker (2.16.0)
      i18n (>= 1.6, < 2)
    i18n (1.8.9)
      concurrent-ruby (~> 1.0)
    method_source (1.0.0)
    minitest (5.14.4)
    mustermann (1.1.1)
      ruby2_keywords (~> 0.0.1)
    necromancer (0.4.0)
    pastel (0.7.2)
      equatable (~> 0.5.0)
      tty-color (~> 0.4.0)
    pry (0.14.0)
      coderay (~> 1.1)
      method_source (~> 1.0)
    rack (2.2.3)
    rack-protection (2.2.0)
      rack
    require_all (3.0.0)
    ruby2_keywords (0.0.5)
    sinatra (2.2.0)
      mustermann (~> 1.0)
      rack (~> 2.2)
      rack-protection (= 2.2.0)
      tilt (~> 2.0)
    sinatra-activerecord (2.0.22)
      activerecord (>= 4.1)
      sinatra (>= 1.0)
    sqlite3 (1.3.13)
    thread_safe (0.3.6)
    tilt (2.0.10)
    tty (0.7.0)
      equatable (~> 0.5.0)
      pastel (~> 0.7.0)
      tty-color (~> 0.4.0)
      tty-command (~> 0.4.0)
      tty-cursor (~> 0.4.0)
      tty-editor (~> 0.2.0)
      tty-file (~> 0.3.0)
      tty-pager (~> 0.7.0)
      tty-platform (~> 0.1.0)
      tty-progressbar (~> 0.10.0)
      tty-prompt (~> 0.12.0)
      tty-screen (~> 0.5.0)
      tty-spinner (~> 0.4.0)
      tty-table (~> 0.8.0)
      tty-which (~> 0.3.0)
    tty-color (0.4.3)
    tty-command (0.4.0)
      pastel (~> 0.7.0)
    tty-cursor (0.4.0)
    tty-editor (0.2.0)
      tty-prompt (~> 0.12.0)
      tty-which (~> 0.3.0)
    tty-file (0.3.0)
      diff-lcs (~> 1.3.0)
      pastel (~> 0.7.0)
      tty-prompt (~> 0.12.0)
    tty-pager (0.7.1)
      tty-screen (~> 0.5.0)
      tty-which (~> 0.3.0)
      verse (~> 0.5.0)
    tty-platform (0.1.0)
    tty-progressbar (0.10.1)
      tty-screen (~> 0.5.0)
    tty-prompt (0.12.0)
      necromancer (~> 0.4.0)
      pastel (~> 0.7.0)
      tty-cursor (~> 0.4.0)
      wisper (~> 1.6.1)
    tty-screen (0.5.1)
    tty-spinner (0.4.1)
    tty-table (0.8.0)
      equatable (~> 0.5.0)
      necromancer (~> 0.4.0)
      pastel (~> 0.7.0)
      tty-screen (~> 0.5.0)
      unicode-display_width (~> 1.1.0)
      verse (~> 0.5.0)
    tty-which (0.3.0)
    tzinfo (1.2.9)
      thread_safe (~> 0.1)
    unicode-display_width (1.1.3)
    unicode_utils (1.4.0)
    verse (0.5.0)
      unicode-display_width (~> 1.1.0)
      unicode_utils (~> 1.4.0)
    wisper (1.6.1)

PLATFORMS
  ruby

DEPENDENCIES
  activerecord (~> 5.2)
  faker
  pry
  require_all
  sinatra-activerecord
  sqlite3 (~> 1.3.6)
  tty

BUNDLED WITH
   2.2.5
